GEM
  remote: https://rubygems.org/
  specs:
    hologram (1.3.0)
      redcarpet (>= 2.2, < 4.0)
      rouge (>= 1.5)
    redcarpet (3.2.2)
    rouge (1.7.7)
    sass (3.4.10)

PLATFORMS
  ruby

DEPENDENCIES
  hologram (>= 1.3.0)
  sass (>= 3.2)
